GEM
  remote: http://rubygems.org/
  specs:
    actionmailer (2.3.12)
      actionpack (= 2.3.12)
    actionpack (2.3.12)
      activesupport (= 2.3.12)
      rack (~> 1.1.0)
    activerecord (2.3.12)
      activesupport (= 2.3.12)
    activeresource (2.3.12)
      activesupport (= 2.3.12)
    activesupport (2.3.12)
    ansi (1.4.2)
    rack (1.1.3)
    rails (2.3.12)
      actionmailer (= 2.3.12)
      actionpack (= 2.3.12)
      activerecord (= 2.3.12)
      activeresource (= 2.3.12)
      activesupport (= 2.3.12)
      rake (>= 0.8.3)
    rake (0.9.2.2)
    sqlite3 (1.3.4)
    sqlite3-ruby (1.2.5)
    turn (0.9.4)
      ansi

PLATFORMS
  ruby

DEPENDENCIES
  rails (= 2.3.12)
  sqlite3 (= 1.3.4)
  sqlite3-ruby (= 1.2.5)
  turn
